PATH
  remote: ../rails_api
  specs:
    rulers (0.0.3)
      rack

GEM
  remote: http://rubygems.org/
  specs:
    rack (1.5.1)

PLATFORMS
  ruby

DEPENDENCIES
  rulers!
