PATH
  remote: ../rails_api
  specs:
    rulers (0.0.4)
      erubis
      multi_json
      rack

GEM
  remote: http://rubygems.org/
  specs:
    erubis (2.7.0)
    listen (0.7.2)
    multi_json (1.5.0)
    rack (1.5.1)
    rerun (0.8.0)
      listen

PLATFORMS
  ruby

DEPENDENCIES
  rerun
  rulers!
